PATH
  remote: .
  specs:
    active_record_shards (2.6.5)
      activerecord (>= 2.3.5, < 3.3)

GEM
  remote: http://rubygems.org/
  specs:
    activemodel (3.2.6)
      activesupport (= 3.2.6)
      builder (~> 3.0.0)
    activerecord (3.2.6)
      activemodel (= 3.2.6)
      activesupport (= 3.2.6)
      arel (~> 3.0.2)
      tzinfo (~> 0.3.29)
    activesupport (3.2.6)
      i18n (~> 0.6)
      multi_json (~> 1.0)
    appraisal (0.4.0)
      bundler
      rake
    arel (3.0.2)
    builder (3.0.0)
    columnize (0.3.6)
    debugger (1.1.1)
      columnize (>= 0.3.1)
      debugger-linecache (~> 1.1)
      debugger-ruby_core_source (~> 1.1)
    debugger-linecache (1.1.1)
      debugger-ruby_core_source (>= 1.1.1)
    debugger-ruby_core_source (1.1.2)
    i18n (0.6.0)
    metaclass (0.0.1)
    mocha (0.10.3)
      metaclass (~> 0.0.1)
    multi_json (1.3.6)
    mysql (2.8.1)
    mysql2 (0.3.11)
    rake (0.9.2.2)
    shoulda (2.11.3)
    tzinfo (0.3.33)
    yaggy (0.1.5)

PLATFORMS
  ruby

DEPENDENCIES
  active_record_shards!
  appraisal
  bundler
  debugger
  mocha
  mysql
  mysql2
  rake
  shoulda
  yaggy
