PATH
  remote: .
  specs:
    active_record_shards (2.5.3)
      activerecord (>= 2.3.5, < 3.2)

GEM
  remote: http://rubygems.org/
  specs:
    activemodel (3.1.1)
      activesupport (= 3.1.1)
      builder (~> 3.0.0)
      i18n (~> 0.6)
    activerecord (3.1.1)
      activemodel (= 3.1.1)
      activesupport (= 3.1.1)
      arel (~> 2.2.1)
      tzinfo (~> 0.3.29)
    activerecord-jdbc-adapter (1.0.3-java)
    activerecord-jdbcmysql-adapter (1.0.3-java)
      activerecord-jdbc-adapter (= 1.0.3)
      jdbc-mysql (~> 5.0.0)
    activesupport (3.1.1)
      multi_json (~> 1.0)
    archive-tar-minitar (0.5.2)
    arel (2.2.1)
    builder (3.0.0)
    columnize (0.3.4)
    i18n (0.6.0)
    jdbc-mysql (5.0.4)
    linecache (0.46)
      rbx-require-relative (> 0.0.4)
    linecache19 (0.5.12)
      ruby_core_source (>= 0.1.4)
    mocha (0.9.12)
    multi_json (1.0.3)
    mysql (2.8.1)
    rake (0.9.2)
    rbx-require-relative (0.0.5)
    ruby-debug (0.10.4)
      columnize (>= 0.1)
      ruby-debug-base (~> 0.10.4.0)
    ruby-debug-base (0.10.4)
      linecache (>= 0.3)
    ruby-debug-base19 (0.11.25)
      columnize (>= 0.3.1)
      linecache19 (>= 0.5.11)
      ruby_core_source (>= 0.1.4)
    ruby-debug19 (0.11.6)
      columnize (>= 0.3.1)
      linecache19 (>= 0.5.11)
      ruby-debug-base19 (>= 0.11.19)
    ruby_core_source (0.1.5)
      archive-tar-minitar (>= 0.5.2)
    shoulda (2.11.3)
    tzinfo (0.3.30)

PLATFORMS
  java
  ruby

DEPENDENCIES
  active_record_shards!
  activerecord-jdbcmysql-adapter (~> 1.0.3)
  bundler
  mocha
  mysql
  rake
  ruby-debug
  ruby-debug19
  shoulda
